GIT
  remote: https://github.com/spree/spree.git
  revision: 94cc74787960ef11c52d672b68144e0888151097
  ref: v4.3.0.rc1
  specs:
    spree (4.3.0.rc1)
      spree_api (= 4.3.0.rc1)
      spree_core (= 4.3.0.rc1)
    spree_api (4.3.0.rc1)
      doorkeeper (~> 5.2, >= 5.2.1)
      jsonapi-serializer (~> 2.1)
      rabl (~> 0.14, >= 0.14.2)
      responders
      spree_core (= 4.3.0.rc1)
    spree_core (4.3.0.rc1)
      actionpack (>= 5.2)
      actionview (>= 5.2)
      active_storage_validations (~> 0.9)
      activejob (>= 5.2)
      activemerchant (~> 1.67)
      activemodel (>= 5.2)
      activerecord (>= 5.2)
      activestorage (>= 5.2)
      activesupport (>= 5.2)
      acts_as_list (>= 0.8)
      auto_strip_attributes (~> 2.6)
      awesome_nested_set (~> 3.3, >= 3.3.1)
      cancancan (~> 3.2)
      carmen (>= 1.0)
      friendly_id (~> 5.2, >= 5.2.1)
      highline (~> 2.0)
      image_processing (~> 1.2)
      kaminari (~> 1.2)
      mini_magick (~> 4.9, >= 4.9.4)
      monetize (~> 1.9)
      money (~> 6.13)
      paranoia (~> 2.4)
      railties (>= 5.2)
      ransack (~> 2.3)
      rexml
      state_machines-activemodel (~> 0.7)
      state_machines-activerecord (~> 0.6)
      stringex
      validates_zipcode

GIT
  remote: https://github.com/spree/spree_auth_devise.git
  revision: b096b712d30e7ba21befe35f82892775ec53fda9
  branch: master
  specs:
    spree_auth_devise (4.3.4)
      devise (~> 4.7)
      devise-encryptable (= 0.2.0)
      spree_core (>= 4.3.0.alpha)
      spree_extension

GIT
  remote: https://github.com/spree/spree_gateway.git
  revision: ac06e620c87ef8252342501fa1b4228f7bdb9285
  branch: master
  specs:
    spree_gateway (3.9.3)
      spree_core (>= 3.7.0)
      spree_extension

GEM
  remote: https://rubygems.org/
  specs:
    actioncable (5.2.6)
      actionpack (= 5.2.6)
      nio4r (~> 2.0)
      websocket-driver (>= 0.6.1)
    actionmailer (5.2.6)
      actionpack (= 5.2.6)
      actionview (= 5.2.6)
      activejob (= 5.2.6)
      mail (~> 2.5, >= 2.5.4)
      rails-dom-testing (~> 2.0)
    actionpack (5.2.6)
      actionview (= 5.2.6)
      activesupport (= 5.2.6)
      rack (~> 2.0, >= 2.0.8)
      rack-test (>= 0.6.3)
      rails-dom-testing (~> 2.0)
      rails-html-sanitizer (~> 1.0, >= 1.0.2)
    actionview (5.2.6)
      activesupport (= 5.2.6)
      builder (~> 3.1)
      erubi (~> 1.4)
      rails-dom-testing (~> 2.0)
      rails-html-sanitizer (~> 1.0, >= 1.0.3)
    active_storage_validations (0.9.5)
      rails (>= 5.2.0)
    activejob (5.2.6)
      activesupport (= 5.2.6)
      globalid (>= 0.3.6)
    activemerchant (1.121.0)
      activesupport (>= 4.2)
      builder (>= 2.1.2, < 4.0.0)
      i18n (>= 0.6.9)
      nokogiri (~> 1.4)
    activemodel (5.2.6)
      activesupport (= 5.2.6)
    activerecord (5.2.6)
      activemodel (= 5.2.6)
      activesupport (= 5.2.6)
      arel (>= 9.0)
    activestorage (5.2.6)
      actionpack (= 5.2.6)
      activerecord (= 5.2.6)
      marcel (~> 1.0.0)
    activesupport (5.2.6)
      concurrent-ruby (~> 1.0, >= 1.0.2)
      i18n (>= 0.7, < 2)
      minitest (~> 5.1)
      tzinfo (~> 1.1)
    acts_as_list (1.0.4)
      activerecord (>= 4.2)
    arel (9.0.0)
    auto_strip_attributes (2.6.0)
      activerecord (>= 4.0)
    awesome_nested_set (3.4.0)
      activerecord (>= 4.0.0, < 7.0)
    awesome_print (1.9.2)
    bcrypt (3.1.16)
    bindex (0.8.1)
    builder (3.2.4)
    bullet (6.1.5)
      activesupport (>= 3.0.0)
      uniform_notifier (~> 1.11)
    byebug (11.1.3)
    cancancan (3.3.0)
    carmen (1.1.3)
      activesupport (>= 3.0.0)
    coderay (1.1.3)
    concurrent-ruby (1.1.9)
    crass (1.0.6)
    ddtrace (0.52.0)
      ffi (~> 1.0)
      msgpack
    devise (4.8.0)
      bcrypt (~> 3.0)
      orm_adapter (~> 0.1)
      railties (>= 4.1.0)
      responders
      warden (~> 1.2.3)
    devise-encryptable (0.2.0)
      devise (>= 2.1.0)
    doorkeeper (5.5.2)
      railties (>= 5)
    erubi (1.10.0)
    ffi (1.15.3)
    friendly_id (5.4.2)
      activerecord (>= 4.0.0)
    globalid (0.5.2)
      activesupport (>= 5.0)
    highline (2.0.3)
    httparty (0.18.1)
      mime-types (~> 3.0)
      multi_xml (>= 0.5.2)
    i18n (1.8.10)
      concurrent-ruby (~> 1.0)
    image_processing (1.12.1)
      mini_magick (>= 4.9.5, < 5)
      ruby-vips (>= 2.0.17, < 3)
    jbuilder (2.11.2)
      activesupport (>= 5.0.0)
    jsonapi-serializer (2.2.0)
      activesupport (>= 4.2)
    kaminari (1.2.1)
      activesupport (>= 4.1.0)
      kaminari-actionview (= 1.2.1)
      kaminari-activerecord (= 1.2.1)
      kaminari-core (= 1.2.1)
    kaminari-actionview (1.2.1)
      actionview
      kaminari-core (= 1.2.1)
    kaminari-activerecord (1.2.1)
      activerecord
      kaminari-core (= 1.2.1)
    kaminari-core (1.2.1)
    listen (3.1.5)
      rb-fsevent (~> 0.9, >= 0.9.4)
      rb-inotify (~> 0.9, >= 0.9.7)
      ruby_dep (~> 1.2)
    little-plugger (1.1.4)
    logging (2.3.0)
      little-plugger (~> 1.1)
      multi_json (~> 1.14)
    logging-rails (0.6.0)
      logging (>= 1.8)
    lograge (0.11.2)
      actionpack (>= 4)
      activesupport (>= 4)
      railties (>= 4)
      request_store (~> 1.0)
    loofah (2.12.0)
      crass (~> 1.0.2)
      nokogiri (>= 1.5.9)
    mail (2.7.1)
      mini_mime (>= 0.1.1)
    marcel (1.0.1)
    method_source (1.0.0)
    mime-types (3.3.1)
      mime-types-data (~> 3.2015)
    mime-types-data (3.2021.0704)
    mini_magick (4.11.0)
    mini_mime (1.1.0)
    mini_portile2 (2.6.1)
    minitest (5.14.4)
    monetize (1.11.0)
      money (~> 6.12)
    money (6.16.0)
      i18n (>= 0.6.4, <= 2)
    msgpack (1.4.2)
    multi_json (1.15.0)
    multi_xml (0.6.0)
    nio4r (2.5.8)
    nokogiri (1.12.3)
      mini_portile2 (~> 2.6.1)
      racc (~> 1.4)
    orm_adapter (0.5.0)
    paranoia (2.4.3)
      activerecord (>= 4.0, < 6.2)
    pry (0.13.1)
      coderay (~> 1.1)
      method_source (~> 1.0)
    pry-byebug (3.9.0)
      byebug (~> 11.0)
      pry (~> 0.13.0)
    puma (3.12.6)
    rabl (0.14.5)
      activesupport (>= 2.3.14)
    racc (1.5.2)
    rack (2.2.3)
    rack-mini-profiler (2.3.2)
      rack (>= 1.2.0)
    rack-test (1.1.0)
      rack (>= 1.0, < 3)
    rails (5.2.6)
      actioncable (= 5.2.6)
      actionmailer (= 5.2.6)
      actionpack (= 5.2.6)
      actionview (= 5.2.6)
      activejob (= 5.2.6)
      activemodel (= 5.2.6)
      activerecord (= 5.2.6)
      activestorage (= 5.2.6)
      activesupport (= 5.2.6)
      bundler (>= 1.3.0)
      railties (= 5.2.6)
      sprockets-rails (>= 2.0.0)
    rails-dom-testing (2.0.3)
      activesupport (>= 4.2.0)
      nokogiri (>= 1.6)
    rails-html-sanitizer (1.4.1)
      loofah (~> 2.3)
    railties (5.2.6)
      actionpack (= 5.2.6)
      activesupport (= 5.2.6)
      method_source
      rake (>= 0.8.7)
      thor (>= 0.19.0, < 2.0)
    rake (13.0.6)
    ransack (2.4.2)
      activerecord (>= 5.2.4)
      activesupport (>= 5.2.4)
      i18n
    rb-fsevent (0.11.0)
    rb-inotify (0.10.1)
      ffi (~> 1.0)
    request_store (1.5.0)
      rack (>= 1.4)
    responders (3.0.1)
      actionpack (>= 5.0)
      railties (>= 5.0)
    rexml (3.2.5)
    ruby-vips (2.1.2)
      ffi (~> 1.12)
    ruby_dep (1.5.0)
    sass (3.7.4)
      sass-listen (~> 4.0.0)
    sass-listen (4.0.0)
      rb-fsevent (~> 0.9, >= 0.9.4)
      rb-inotify (~> 0.9, >= 0.9.7)
    sass-rails (5.1.0)
      railties (>= 5.2.0)
      sass (~> 3.1)
      sprockets (>= 2.8, < 4.0)
      sprockets-rails (>= 2.0, < 4.0)
      tilt (>= 1.1, < 3)
    sassc (2.1.0)
      ffi (~> 1.9)
    spree_extension (0.0.9)
      activerecord (>= 4.2)
      spree_core
    sprockets (3.7.2)
      concurrent-ruby (~> 1.0)
      rack (> 1, < 3)
    sprockets-rails (3.2.2)
      actionpack (>= 4.0)
      activesupport (>= 4.0)
      sprockets (>= 3.0.0)
    sqlite3 (1.4.2)
    state_machines (0.5.0)
    state_machines-activemodel (0.8.0)
      activemodel (>= 5.1)
      state_machines (>= 0.5.0)
    state_machines-activerecord (0.8.0)
      activerecord (>= 5.1)
      state_machines-activemodel (>= 0.8.0)
    stringex (2.8.5)
    thor (1.1.0)
    thread_safe (0.3.6)
    tilt (2.0.10)
    tzinfo (1.2.9)
      thread_safe (~> 0.1)
    uniform_notifier (1.14.2)
    validates_zipcode (0.5.0)
      activemodel (>= 4.2.0)
    warden (1.2.9)
      rack (>= 2.0.9)
    web-console (3.7.0)
      actionview (>= 5.0)
      activemodel (>= 5.0)
      bindex (>= 0.4.0)
      railties (>= 5.0)
    websocket-driver (0.7.5)
      websocket-extensions (>= 0.1.0)
    websocket-extensions (0.1.5)

PLATFORMS
  ruby

DEPENDENCIES
  awesome_print
  bullet
  byebug
  ddtrace (>= 0.4.1)
  httparty
  jbuilder (~> 2.5)
  listen (>= 3.0.5, < 3.2)
  logging-rails
  lograge
  pry-byebug
  puma (~> 3.11)
  rack-mini-profiler
  rails (~> 5.2.3)
  sass-rails (~> 5.0)
  sassc (~> 2.1.0)
  spree!
  spree_auth_devise!
  spree_gateway!
  sqlite3
  tzinfo-data
  web-console (>= 3.3.0)

RUBY VERSION
   ruby 2.7.2p137

BUNDLED WITH
   2.1.4
